GIT
  remote: git://github.com/puppetlabs/puppet-acceptance.git
  revision: 857e4704ffffa8e9794daf67242d1369d83c7a7d
  specs:
    puppet_acceptance (0.0.1)
      fission
      json
      net-scp
      net-ssh
      rbvmomi
      systemu

PATH
  remote: ../rspec-puppet
  specs:
    rspec-puppet (0.1.4)
      rspec

GEM
  remote: http://rubygems.org/
  specs:
    CFPropertyList (2.0.17)
      libxml-ruby (>= 1.1.0)
      rake (>= 0.7.0)
    builder (3.1.3)
    diff-lcs (1.1.3)
    facter (1.6.12)
    fission (0.4.0)
      CFPropertyList (~> 2.0.17)
    jruby-pageant (1.1.1)
    json (1.7.5)
    libxml-ruby (2.3.3)
    net-scp (1.0.4)
      net-ssh (>= 1.99.1)
    net-ssh (2.6.0)
      jruby-pageant (>= 1.1.1)
    nokogiri (1.5.5)
    puppet (2.7.19)
      facter (~> 1.5)
    rake (0.9.2.2)
    rbvmomi (1.6.0)
      builder
      nokogiri (>= 1.4.1)
      trollop
    rspec (2.11.0)
      rspec-core (~> 2.11.0)
      rspec-expectations (~> 2.11.0)
      rspec-mocks (~> 2.11.0)
    rspec-core (2.11.1)
    rspec-expectations (2.11.3)
      diff-lcs (~> 1.1.3)
    rspec-mocks (2.11.3)
    systemu (2.5.2)
    trollop (2.0)

PLATFORMS
  ruby

DEPENDENCIES
  facter (= 1.6.12)
  puppet (= 2.7.19)
  puppet_acceptance!
  rake (~> 0.9)
  rspec (~> 2.11)
  rspec-core (~> 2.11)
  rspec-expectations (~> 2.11)
  rspec-mocks (~> 2.11)
  rspec-puppet!
